RESTRICTION: || (>= net461) (>= netstandard2.0)
NUGET
  remote: https://www.nuget.org/api/v2
    Argu (5.1)
      FSharp.Core (>= 4.0.0.1) - restriction: || (&& (>= net45) (>= netstandard2.0)) (>= net461)
      FSharp.Core (>= 4.3.2) - restriction: && (< net45) (>= netstandard2.0)
      System.Configuration.ConfigurationManager (>= 4.4) - restriction: && (< net45) (>= netstandard2.0)
    FSharp.Compiler.Service (2.0.0.6)
    FSharp.Core (4.3.4)
    FSharp.Formatting (2.14.4)
      FSharp.Compiler.Service (2.0.0.6)
      FSharpVSPowerTools.Core (>= 2.3 < 2.4)
    FSharpVSPowerTools.Core (2.3)
      FSharp.Compiler.Service (>= 2.0.0.3)
    KatanaNetStandard (3.0.7) - restriction: && (< net47) (>= netstandard2.0)
      System.Collections.Concurrent (>= 4.3) - restriction: || (&& (< net45) (>= net461)) (&& (< net45) (>= netstandard2.0))
      System.Diagnostics.Debug (>= 4.3) - restriction: || (&& (< net45) (>= net461)) (&& (< net45) (>= netstandard2.0))
      System.Diagnostics.Tools (>= 4.3) - restriction: || (&& (< net45) (>= net461)) (&& (< net45) (>= netstandard2.0))
      System.Globalization.Extensions (>= 4.3) - restriction: || (&& (< net45) (>= net461)) (&& (< net45) (>= netstandard2.0))
      System.Linq (>= 4.3) - restriction: || (&& (< net45) (>= net461)) (&& (< net45) (>= netstandard2.0))
      System.Linq.Expressions (>= 4.3) - restriction: || (&& (< net45) (>= net461)) (&& (< net45) (>= netstandard2.0))
      System.Reflection (>= 4.3) - restriction: || (&& (< net45) (>= net461)) (&& (< net45) (>= netstandard2.0))
      System.Reflection.Extensions (>= 4.3) - restriction: || (&& (< net45) (>= net461)) (&& (< net45) (>= netstandard2.0))
      System.Resources.ResourceManager (>= 4.3) - restriction: || (&& (< net45) (>= net461)) (&& (< net45) (>= netstandard2.0))
      System.Security.Claims (>= 4.3) - restriction: || (&& (< net45) (>= net461)) (&& (< net45) (>= netstandard2.0))
    Microsoft.NETCore.Platforms (2.0.2) - restriction: || (&& (< net45) (>= net461) (< netstandard1.2)) (&& (< net45) (>= net461) (>= netstandard1.5) (< netstandard1.6)) (&& (< net45) (>= net461) (< netstandard1.5)) (&& (< net45) (>= netstandard2.0)) (&& (>= net461) (< netstandard1.0)) (&& (>= net461) (< netstandard1.3)) (&& (>= net461) (< netstandard1.4)) (&& (>= net461) (< netstandard1.5) (>= uap10.0)) (&& (>= net461) (< netstandard2.0)) (&& (>= net461) (< portable-net45+win8+wpa81)) (&& (>= net461) (>= uap10.1)) (&& (>= net461) (>= wp8)) (&& (>= netstandard2.0) (< portable-net45+win8+wp8+wpa81))
    Microsoft.NETCore.Targets (2.0) - restriction: || (&& (< net45) (>= net461) (>= netstandard2.0)) (&& (< net45) (>= netstandard2.0) (< win8) (< wpa81)) (&& (>= netstandard2.0) (< portable-net45+win8+wp8+wpa81))
    Microsoft.Owin (4.0) - restriction: || (&& (>= net45) (>= netstandard2.0)) (>= net461)
      Owin (>= 1.0)
    Microsoft.Owin.Diagnostics (4.0)
      Microsoft.Owin (>= 4.0)
      Owin (>= 1.0)
    Microsoft.Owin.FileSystems (4.0)
    Microsoft.Owin.Host.HttpListener (4.0)
    Microsoft.Owin.Host.SystemWeb (4.0)
      Microsoft.Owin (>= 4.0)
      Owin (>= 1.0)
    Microsoft.Owin.Hosting (4.0)
      Microsoft.Owin (>= 4.0)
      Owin (>= 1.0)
    Microsoft.Owin.SelfHost (4.0)
      Microsoft.Owin (>= 4.0)
      Microsoft.Owin.Diagnostics (>= 4.0)
      Microsoft.Owin.Host.HttpListener (>= 4.0)
      Microsoft.Owin.Hosting (>= 4.0)
      Owin (>= 1.0)
    Microsoft.Owin.StaticFiles (4.0)
      Microsoft.Owin (>= 4.0)
      Microsoft.Owin.FileSystems (>= 4.0)
      Owin (>= 1.0)
    NETStandard.Library (2.0.3) - restriction: && (>= net461) (< netstandard2.0)
      Microsoft.NETCore.Platforms (>= 1.1)
    Newtonsoft.Json (11.0.2)
    Owin (1.0) - restriction: || (&& (>= net45) (>= netstandard2.0)) (>= net461)
    System.Collections (4.3) - restriction: || (&& (< net45) (>= netstandard2.0)) (&& (>= netstandard2.0) (< portable-net45+win8+wp8+wpa81)) (&& (>= netstandard2.0) (< portable-net45+win8+wpa81))
      Microsoft.NETCore.Platforms (>= 1.1) - restriction: || (&& (< net45) (>= net461)) (&& (< net45) (>= netstandard2.0) (< win8) (< wpa81)) (&& (>= net461) (< portable-net45+win8+wp8+wpa81)) (&& (>= netstandard2.0) (< portable-net45+win8+wp8+wpa81))
      Microsoft.NETCore.Targets (>= 1.1) - restriction: || (&& (< net45) (>= net461)) (&& (< net45) (>= netstandard2.0) (< win8) (< wpa81)) (&& (>= net461) (< portable-net45+win8+wp8+wpa81)) (&& (>= netstandard2.0) (< portable-net45+win8+wp8+wpa81))
      System.Runtime (>= 4.3) - restriction: || (&& (< net45) (>= net461)) (&& (< net45) (>= netstandard2.0) (< win8) (< wpa81)) (&& (>= net461) (< portable-net45+win8+wp8+wpa81)) (&& (>= netstandard2.0) (< portable-net45+win8+wp8+wpa81))
    System.Collections.Concurrent (4.3) - restriction: && (< net45) (>= netstandard2.0)
      System.Collections (>= 4.3) - restriction: || (&& (< net45) (>= net461)) (&& (< net45) (>= netstandard2.0) (< win8) (< wpa81)) (&& (>= net461) (< portable-net45+win8+wpa81)) (&& (>= netstandard2.0) (< portable-net45+win8+wpa81))
      System.Diagnostics.Debug (>= 4.3) - restriction: || (&& (< net45) (>= net461)) (&& (< net45) (>= netstandard2.0) (< win8) (< wpa81)) (&& (>= net461) (< portable-net45+win8+wpa81)) (&& (>= netstandard2.0) (< portable-net45+win8+wpa81))
      System.Diagnostics.Tracing (>= 4.3) - restriction: || (&& (< net45) (>= net461)) (&& (< net45) (>= netstandard2.0) (< win8) (< wpa81)) (&& (>= net461) (< portable-net45+win8+wpa81)) (&& (>= netstandard2.0) (< portable-net45+win8+wpa81))
      System.Globalization (>= 4.3) - restriction: || (&& (< net45) (>= net461)) (&& (< net45) (>= netstandard2.0) (< win8) (< wpa81)) (&& (>= net461) (< portable-net45+win8+wpa81)) (&& (>= netstandard2.0) (< portable-net45+win8+wpa81))
      System.Reflection (>= 4.3) - restriction: || (&& (< net45) (>= net461)) (&& (< net45) (>= netstandard2.0) (< win8) (< wpa81))
      System.Resources.ResourceManager (>= 4.3) - restriction: || (&& (< net45) (>= net461)) (&& (< net45) (>= netstandard2.0) (< win8) (< wpa81)) (&& (>= net461) (< portable-net45+win8+wpa81)) (&& (>= netstandard2.0) (< portable-net45+win8+wpa81))
      System.Runtime (>= 4.3) - restriction: || (&& (< net45) (>= net461)) (&& (< net45) (>= netstandard2.0) (< win8) (< wpa81)) (&& (>= net461) (< portable-net45+win8+wpa81)) (&& (>= netstandard2.0) (< portable-net45+win8+wpa81))
      System.Runtime.Extensions (>= 4.3) - restriction: || (&& (< net45) (>= net461)) (&& (< net45) (>= netstandard2.0) (< win8) (< wpa81)) (&& (>= net461) (< portable-net45+win8+wpa81)) (&& (>= netstandard2.0) (< portable-net45+win8+wpa81))
      System.Threading (>= 4.3) - restriction: || (&& (< net45) (>= net461)) (&& (< net45) (>= netstandard2.0) (< win8) (< wpa81)) (&& (>= net461) (< portable-net45+win8+wpa81)) (&& (>= netstandard2.0) (< portable-net45+win8+wpa81))
      System.Threading.Tasks (>= 4.3) - restriction: || (&& (< net45) (>= net461)) (&& (< net45) (>= netstandard2.0) (< win8) (< wpa81)) (&& (>= net461) (< portable-net45+win8+wpa81)) (&& (>= netstandard2.0) (< portable-net45+win8+wpa81))
    System.Configuration.ConfigurationManager (4.4.1) - restriction: && (< net45) (>= netstandard2.0)
      System.Security.Cryptography.ProtectedData (>= 4.4) - restriction: || (&& (< net461) (>= netstandard2.0)) (>= netcoreapp2.0)
    System.Diagnostics.Debug (4.3) - restriction: || (&& (< net45) (>= netstandard2.0)) (&& (>= netstandard2.0) (< portable-net45+win8+wpa81))
      Microsoft.NETCore.Platforms (>= 1.1) - restriction: || (&& (< net45) (>= net461)) (&& (< net45) (>= netstandard2.0) (< win8) (< wpa81)) (&& (>= net461) (< portable-net45+win8+wp8+wpa81)) (&& (>= netstandard2.0) (< portable-net45+win8+wp8+wpa81))
      Microsoft.NETCore.Targets (>= 1.1) - restriction: || (&& (< net45) (>= net461)) (&& (< net45) (>= netstandard2.0) (< win8) (< wpa81)) (&& (>= net461) (< portable-net45+win8+wp8+wpa81)) (&& (>= netstandard2.0) (< portable-net45+win8+wp8+wpa81))
      System.Runtime (>= 4.3) - restriction: || (&& (< net45) (>= net461)) (&& (< net45) (>= netstandard2.0) (< win8) (< wpa81)) (&& (>= net461) (< portable-net45+win8+wp8+wpa81)) (&& (>= netstandard2.0) (< portable-net45+win8+wp8+wpa81))
    System.Diagnostics.Tools (4.3) - restriction: && (< net45) (>= netstandard2.0)
      Microsoft.NETCore.Platforms (>= 1.1) - restriction: || (&& (< net45) (>= net461)) (&& (< net45) (>= netstandard2.0) (< win8) (< wpa81)) (&& (>= net461) (< portable-net45+win8+wp8+wpa81)) (&& (>= netstandard2.0) (< portable-net45+win8+wp8+wpa81))
      Microsoft.NETCore.Targets (>= 1.1) - restriction: || (&& (< net45) (>= net461)) (&& (< net45) (>= netstandard2.0) (< win8) (< wpa81)) (&& (>= net461) (< portable-net45+win8+wp8+wpa81)) (&& (>= netstandard2.0) (< portable-net45+win8+wp8+wpa81))
      System.Runtime (>= 4.3) - restriction: || (&& (< net45) (>= net461)) (&& (< net45) (>= netstandard2.0) (< win8) (< wpa81)) (&& (>= net461) (< portable-net45+win8+wp8+wpa81)) (&& (>= netstandard2.0) (< portable-net45+win8+wp8+wpa81))
    System.Diagnostics.Tracing (4.3) - restriction: || (&& (< net45) (>= net461) (>= netstandard2.0)) (&& (< net45) (>= netstandard2.0) (< win8) (< wpa81)) (&& (>= netstandard2.0) (< portable-net45+win8+wpa81))
      Microsoft.NETCore.Platforms (>= 1.1) - restriction: || (&& (< net45) (>= net461) (< netstandard1.2)) (&& (< net45) (>= net461) (< netstandard1.3)) (&& (< net45) (>= net461) (>= netstandard1.5)) (&& (< net45) (>= net461) (< netstandard1.5)) (&& (< net45) (>= net461) (>= netstandard2.0)) (&& (< net45) (< netstandard1.2) (>= netstandard2.0) (< win8)) (&& (< net45) (>= netstandard2.0) (< win8) (< wpa81)) (&& (>= net461) (< portable-net45+win8+wpa81)) (&& (>= netstandard2.0) (< portable-net45+win8+wpa81))
      Microsoft.NETCore.Targets (>= 1.1) - restriction: || (&& (< net45) (>= net461) (< netstandard1.2)) (&& (< net45) (>= net461) (< netstandard1.3)) (&& (< net45) (>= net461) (>= netstandard1.5)) (&& (< net45) (>= net461) (< netstandard1.5)) (&& (< net45) (>= net461) (>= netstandard2.0)) (&& (< net45) (< netstandard1.2) (>= netstandard2.0) (< win8)) (&& (< net45) (>= netstandard2.0) (< win8) (< wpa81)) (&& (>= net461) (< portable-net45+win8+wpa81)) (&& (>= netstandard2.0) (< portable-net45+win8+wpa81))
      System.Runtime (>= 4.3) - restriction: || (&& (< net45) (>= net461) (< netstandard1.2)) (&& (< net45) (>= net461) (< netstandard1.3)) (&& (< net45) (>= net461) (>= netstandard1.5)) (&& (< net45) (>= net461) (< netstandard1.5)) (&& (< net45) (>= net461) (>= netstandard2.0)) (&& (< net45) (< netstandard1.2) (>= netstandard2.0) (< win8)) (&& (< net45) (>= netstandard2.0) (< win8) (< wpa81)) (&& (>= net461) (< portable-net45+win8+wpa81)) (&& (>= netstandard2.0) (< portable-net45+win8+wpa81))
    System.Globalization (4.3) - restriction: || (&& (< net45) (>= netstandard2.0)) (&& (>= netstandard2.0) (< portable-net45+win8+wpa81))
      Microsoft.NETCore.Platforms (>= 1.1) - restriction: || (&& (< net45) (>= net461)) (&& (< net45) (>= netstandard2.0) (< win8) (< wpa81)) (&& (>= net461) (< portable-net45+win8+wp8+wpa81)) (&& (>= netstandard2.0) (< portable-net45+win8+wp8+wpa81))
      Microsoft.NETCore.Targets (>= 1.1) - restriction: || (&& (< net45) (>= net461)) (&& (< net45) (>= netstandard2.0) (< win8) (< wpa81)) (&& (>= net461) (< portable-net45+win8+wp8+wpa81)) (&& (>= netstandard2.0) (< portable-net45+win8+wp8+wpa81))
      System.Runtime (>= 4.3) - restriction: || (&& (< net45) (>= net461)) (&& (< net45) (>= netstandard2.0) (< win8) (< wpa81)) (&& (>= net461) (< portable-net45+win8+wp8+wpa81)) (&& (>= netstandard2.0) (< portable-net45+win8+wp8+wpa81))
    System.Globalization.Extensions (4.3) - restriction: && (< net45) (>= netstandard2.0)
      Microsoft.NETCore.Platforms (>= 1.1) - restriction: || (&& (< net46) (>= net461)) (&& (< net46) (>= netstandard2.0))
      System.Globalization (>= 4.3) - restriction: || (&& (< net46) (>= net461)) (&& (< net46) (>= netstandard2.0))
      System.Resources.ResourceManager (>= 4.3) - restriction: || (&& (< net46) (>= net461)) (&& (< net46) (>= netstandard2.0))
      System.Runtime (>= 4.3) - restriction: || (&& (< net46) (>= net461)) (&& (< net46) (>= netstandard2.0))
      System.Runtime.Extensions (>= 4.3) - restriction: || (&& (< net46) (>= net461)) (&& (< net46) (>= netstandard2.0))
      System.Runtime.InteropServices (>= 4.3) - restriction: || (&& (< net46) (>= net461)) (&& (< net46) (>= netstandard2.0))
    System.IO (4.3) - restriction: || (&& (< net45) (>= netstandard2.0)) (&& (>= netstandard2.0) (< portable-net45+win8+wp8+wpa81))
      Microsoft.NETCore.Platforms (>= 1.1) - restriction: || (&& (< net45) (>= net461) (< netstandard1.3)) (&& (< net45) (>= net461) (>= netstandard1.5)) (&& (< net45) (>= net461) (< netstandard1.5)) (&& (< net45) (>= net461) (>= netstandard2.0)) (&& (< net45) (>= netstandard2.0) (< win8) (< wpa81)) (&& (>= net461) (< portable-net45+win8+wp8+wpa81)) (&& (>= netstandard2.0) (< portable-net45+win8+wp8+wpa81))
      Microsoft.NETCore.Targets (>= 1.1) - restriction: || (&& (< net45) (>= net461) (< netstandard1.3)) (&& (< net45) (>= net461) (>= netstandard1.5)) (&& (< net45) (>= net461) (< netstandard1.5)) (&& (< net45) (>= net461) (>= netstandard2.0)) (&& (< net45) (>= netstandard2.0) (< win8) (< wpa81)) (&& (>= net461) (< portable-net45+win8+wp8+wpa81)) (&& (>= netstandard2.0) (< portable-net45+win8+wp8+wpa81))
      System.Runtime (>= 4.3) - restriction: || (&& (< net45) (>= net461) (< netstandard1.3)) (&& (< net45) (>= net461) (>= netstandard1.5)) (&& (< net45) (>= net461) (< netstandard1.5)) (&& (< net45) (>= net461) (>= netstandard2.0)) (&& (< net45) (>= netstandard2.0) (< win8) (< wpa81)) (&& (>= net461) (< portable-net45+win8+wp8+wpa81)) (&& (>= netstandard2.0) (< portable-net45+win8+wp8+wpa81))
      System.Text.Encoding (>= 4.3) - restriction: || (&& (< net45) (>= net461) (< netstandard1.3)) (&& (< net45) (>= net461) (>= netstandard1.5)) (&& (< net45) (>= net461) (< netstandard1.5)) (&& (< net45) (>= net461) (>= netstandard2.0)) (&& (< net45) (>= netstandard2.0) (< win8) (< wpa81)) (&& (>= net461) (< portable-net45+win8+wp8+wpa81)) (&& (>= netstandard2.0) (< portable-net45+win8+wp8+wpa81))
      System.Threading.Tasks (>= 4.3) - restriction: || (&& (< net45) (>= net461) (< netstandard1.3)) (&& (< net45) (>= net461) (>= netstandard1.5)) (&& (< net45) (>= net461) (< netstandard1.5)) (&& (< net45) (>= net461) (>= netstandard2.0)) (&& (< net45) (>= netstandard2.0) (< win8) (< wpa81)) (&& (>= net461) (< portable-net45+win8+wp8+wpa81)) (&& (>= netstandard2.0) (< portable-net45+win8+wp8+wpa81))
    System.Linq (4.3) - restriction: && (< net45) (>= netstandard2.0)
      System.Collections (>= 4.3) - restriction: || (&& (< net45) (>= net461) (>= netstandard1.6)) (&& (< net45) (>= net461) (< netstandard1.6)) (&& (< net45) (>= netstandard2.0)) (&& (>= net461) (< portable-net45+win8+wp8+wpa81)) (&& (>= netstandard2.0) (< portable-net45+win8+wp8+wpa81))
      System.Diagnostics.Debug (>= 4.3) - restriction: || (&& (< net45) (>= net461) (>= netstandard1.6)) (&& (< net45) (>= netstandard2.0)) (&& (>= net461) (< portable-net45+win8+wp8+wpa81)) (&& (>= netstandard2.0) (< portable-net45+win8+wp8+wpa81))
      System.Resources.ResourceManager (>= 4.3) - restriction: || (&& (< net45) (>= net461) (>= netstandard1.6)) (&& (< net45) (>= netstandard2.0)) (&& (>= net461) (< portable-net45+win8+wp8+wpa81)) (&& (>= netstandard2.0) (< portable-net45+win8+wp8+wpa81))
      System.Runtime (>= 4.3) - restriction: || (&& (< net45) (>= net461) (>= netstandard1.6)) (&& (< net45) (>= net461) (< netstandard1.6)) (&& (< net45) (>= netstandard2.0)) (&& (>= net461) (< portable-net45+win8+wp8+wpa81)) (&& (>= netstandard2.0) (< portable-net45+win8+wp8+wpa81))
      System.Runtime.Extensions (>= 4.3) - restriction: || (&& (< net45) (>= net461) (>= netstandard1.6)) (&& (< net45) (>= netstandard2.0)) (&& (>= net461) (< portable-net45+win8+wp8+wpa81)) (&& (>= netstandard2.0) (< portable-net45+win8+wp8+wpa81))
    System.Linq.Expressions (4.3) - restriction: && (< net45) (>= netstandard2.0)
      System.Collections (>= 4.3) - restriction: || (&& (< net45) (>= net461) (>= netstandard1.6)) (&& (< net45) (>= netstandard2.0)) (&& (>= net461) (< portable-net45+win8+wp8+wpa81)) (&& (>= netstandard2.0) (< portable-net45+win8+wp8+wpa81))
      System.Diagnostics.Debug (>= 4.3) - restriction: || (&& (< net45) (>= net461) (>= netstandard1.6)) (&& (< net45) (>= netstandard2.0)) (&& (>= net461) (< portable-net45+win8+wp8+wpa81)) (&& (>= netstandard2.0) (< portable-net45+win8+wp8+wpa81))
      System.Globalization (>= 4.3) - restriction: || (&& (< net45) (>= net461) (>= netstandard1.6)) (&& (< net45) (>= netstandard2.0)) (&& (>= net461) (< portable-net45+win8+wp8+wpa81)) (&& (>= netstandard2.0) (< portable-net45+win8+wp8+wpa81))
      System.IO (>= 4.3) - restriction: || (&& (< net45) (>= net461) (>= netstandard1.6)) (&& (< net45) (>= netstandard2.0)) (&& (>= net461) (< portable-net45+win8+wp8+wpa81)) (&& (>= netstandard2.0) (< portable-net45+win8+wp8+wpa81))
      System.Linq (>= 4.3) - restriction: || (&& (< net45) (>= net461) (>= netstandard1.6)) (&& (< net45) (>= netstandard2.0)) (&& (>= net461) (< portable-net45+win8+wp8+wpa81)) (&& (>= netstandard2.0) (< portable-net45+win8+wp8+wpa81))
      System.ObjectModel (>= 4.3) - restriction: || (&& (< net45) (>= net461) (>= netstandard1.6)) (&& (< net45) (>= netstandard2.0))
      System.Reflection (>= 4.3) - restriction: || (&& (< net45) (>= net461) (< netstandard1.3)) (&& (< net45) (>= net461) (>= netstandard1.6)) (&& (< net45) (>= net461) (< netstandard1.6)) (&& (< net45) (>= netstandard2.0)) (&& (>= net461) (< portable-net45+win8+wp8+wpa81)) (&& (>= netstandard2.0) (< portable-net45+win8+wp8+wpa81))
      System.Reflection.Emit (>= 4.3) - restriction: || (&& (< net45) (>= net461) (>= netstandard1.6)) (&& (< net45) (>= netstandard2.0))
      System.Reflection.Emit.ILGeneration (>= 4.3) - restriction: || (&& (< net45) (>= net461) (>= netstandard1.6)) (&& (< net45) (>= netstandard2.0)) (&& (>= net461) (< portable-net45+win8+wp8+wpa81)) (&& (>= netstandard2.0) (< portable-net45+win8+wp8+wpa81))
      System.Reflection.Emit.Lightweight (>= 4.3) - restriction: || (&& (< net45) (>= net461) (>= netstandard1.6)) (&& (< net45) (>= netstandard2.0)) (&& (>= net461) (< portable-net45+win8+wp8+wpa81)) (&& (>= netstandard2.0) (< portable-net45+win8+wp8+wpa81))
      System.Reflection.Extensions (>= 4.3) - restriction: || (&& (< net45) (>= net461) (>= netstandard1.6)) (&& (< net45) (>= netstandard2.0)) (&& (>= net461) (< portable-net45+win8+wp8+wpa81)) (&& (>= netstandard2.0) (< portable-net45+win8+wp8+wpa81))
      System.Reflection.Primitives (>= 4.3) - restriction: || (&& (< net45) (>= net461) (>= netstandard1.6)) (&& (< net45) (>= netstandard2.0)) (&& (>= net461) (< portable-net45+win8+wp8+wpa81)) (&& (>= netstandard2.0) (< portable-net45+win8+wp8+wpa81))
      System.Reflection.TypeExtensions (>= 4.3) - restriction: || (&& (< net45) (>= net461) (>= netstandard1.6)) (&& (< net45) (>= netstandard2.0)) (&& (>= net461) (< portable-net45+win8+wp8+wpa81)) (&& (>= netstandard2.0) (< portable-net45+win8+wp8+wpa81))
      System.Resources.ResourceManager (>= 4.3) - restriction: || (&& (< net45) (>= net461) (>= netstandard1.6)) (&& (< net45) (>= netstandard2.0)) (&& (>= net461) (< portable-net45+win8+wp8+wpa81)) (&& (>= netstandard2.0) (< portable-net45+win8+wp8+wpa81))
      System.Runtime (>= 4.3) - restriction: || (&& (< net45) (>= net461) (< netstandard1.3)) (&& (< net45) (>= net461) (>= netstandard1.6)) (&& (< net45) (>= net461) (< netstandard1.6)) (&& (< net45) (>= netstandard2.0)) (&& (>= net461) (< portable-net45+win8+wp8+wpa81)) (&& (>= netstandard2.0) (< portable-net45+win8+wp8+wpa81))
      System.Runtime.Extensions (>= 4.3) - restriction: || (&& (< net45) (>= net461) (>= netstandard1.6)) (&& (< net45) (>= netstandard2.0)) (&& (>= net461) (< portable-net45+win8+wp8+wpa81)) (&& (>= netstandard2.0) (< portable-net45+win8+wp8+wpa81))
      System.Threading (>= 4.3) - restriction: || (&& (< net45) (>= net461) (>= netstandard1.6)) (&& (< net45) (>= netstandard2.0)) (&& (>= net461) (< portable-net45+win8+wp8+wpa81)) (&& (>= netstandard2.0) (< portable-net45+win8+wp8+wpa81))
    System.ObjectModel (4.3) - restriction: && (< net45) (>= netstandard2.0)
      System.Collections (>= 4.3) - restriction: || (&& (< net45) (>= net461)) (&& (< net45) (>= netstandard2.0) (< win8) (< wpa81)) (&& (>= net461) (< portable-net45+win8+wp8+wpa81)) (&& (>= netstandard2.0) (< portable-net45+win8+wp8+wpa81))
      System.Diagnostics.Debug (>= 4.3) - restriction: || (&& (< net45) (>= net461)) (&& (< net45) (>= netstandard2.0) (< win8) (< wpa81)) (&& (>= net461) (< portable-net45+win8+wp8+wpa81)) (&& (>= netstandard2.0) (< portable-net45+win8+wp8+wpa81))
      System.Resources.ResourceManager (>= 4.3) - restriction: || (&& (< net45) (>= net461)) (&& (< net45) (>= netstandard2.0) (< win8) (< wpa81)) (&& (>= net461) (< portable-net45+win8+wp8+wpa81)) (&& (>= netstandard2.0) (< portable-net45+win8+wp8+wpa81))
      System.Runtime (>= 4.3) - restriction: || (&& (< net45) (>= net461)) (&& (< net45) (>= netstandard2.0) (< win8) (< wpa81)) (&& (>= net461) (< portable-net45+win8+wp8+wpa81)) (&& (>= netstandard2.0) (< portable-net45+win8+wp8+wpa81))
      System.Threading (>= 4.3) - restriction: || (&& (< net45) (>= net461)) (&& (< net45) (>= netstandard2.0) (< win8) (< wpa81)) (&& (>= net461) (< portable-net45+win8+wp8+wpa81)) (&& (>= netstandard2.0) (< portable-net45+win8+wp8+wpa81))
    System.Reflection (4.3) - restriction: && (< net45) (>= netstandard2.0)
      Microsoft.NETCore.Platforms (>= 1.1) - restriction: || (&& (< net45) (>= net461) (< netstandard1.3)) (&& (< net45) (>= net461) (>= netstandard1.5)) (&& (< net45) (>= net461) (< netstandard1.5)) (&& (< net45) (>= net461) (>= netstandard2.0)) (&& (< net45) (>= netstandard2.0) (< win8) (< wpa81)) (&& (>= net461) (< portable-net45+win8+wp8+wpa81)) (&& (>= netstandard2.0) (< portable-net45+win8+wp8+wpa81))
      Microsoft.NETCore.Targets (>= 1.1) - restriction: || (&& (< net45) (>= net461) (< netstandard1.3)) (&& (< net45) (>= net461) (>= netstandard1.5)) (&& (< net45) (>= net461) (< netstandard1.5)) (&& (< net45) (>= net461) (>= netstandard2.0)) (&& (< net45) (>= netstandard2.0) (< win8) (< wpa81)) (&& (>= net461) (< portable-net45+win8+wp8+wpa81)) (&& (>= netstandard2.0) (< portable-net45+win8+wp8+wpa81))
      System.IO (>= 4.3) - restriction: || (&& (< net45) (>= net461) (< netstandard1.3)) (&& (< net45) (>= net461) (>= netstandard1.5)) (&& (< net45) (>= net461) (< netstandard1.5)) (&& (< net45) (>= net461) (>= netstandard2.0)) (&& (< net45) (>= netstandard2.0) (< win8) (< wpa81)) (&& (>= net461) (< portable-net45+win8+wp8+wpa81)) (&& (>= netstandard2.0) (< portable-net45+win8+wp8+wpa81))
      System.Reflection.Primitives (>= 4.3) - restriction: || (&& (< net45) (>= net461) (< netstandard1.3)) (&& (< net45) (>= net461) (>= netstandard1.5)) (&& (< net45) (>= net461) (< netstandard1.5)) (&& (< net45) (>= net461) (>= netstandard2.0)) (&& (< net45) (>= netstandard2.0) (< win8) (< wpa81)) (&& (>= net461) (< portable-net45+win8+wp8+wpa81)) (&& (>= netstandard2.0) (< portable-net45+win8+wp8+wpa81))
      System.Runtime (>= 4.3) - restriction: || (&& (< net45) (>= net461) (< netstandard1.3)) (&& (< net45) (>= net461) (>= netstandard1.5)) (&& (< net45) (>= net461) (< netstandard1.5)) (&& (< net45) (>= net461) (>= netstandard2.0)) (&& (< net45) (>= netstandard2.0) (< win8) (< wpa81)) (&& (>= net461) (< portable-net45+win8+wp8+wpa81)) (&& (>= netstandard2.0) (< portable-net45+win8+wp8+wpa81))
    System.Reflection.Emit (4.3) - restriction: && (< net45) (>= netstandard2.0)
      System.IO (>= 4.3) - restriction: || (&& (< net45) (>= net461)) (&& (< net45) (>= netstandard2.0))
      System.Reflection (>= 4.3) - restriction: || (&& (< net45) (>= net461)) (&& (< net45) (>= netstandard2.0))
      System.Reflection.Emit.ILGeneration (>= 4.3) - restriction: || (&& (< net45) (>= net461)) (&& (< net45) (>= netstandard2.0))
      System.Reflection.Primitives (>= 4.3) - restriction: || (&& (< net45) (>= net461)) (&& (< net45) (>= netstandard2.0))
      System.Runtime (>= 4.3) - restriction: || (&& (< net45) (>= net461)) (&& (< net45) (>= netstandard2.0))
    System.Reflection.Emit.ILGeneration (4.3) - restriction: || (&& (< net45) (>= netstandard2.0)) (&& (>= netstandard2.0) (< portable-net45+win8+wp8+wpa81))
      System.Reflection (>= 4.3) - restriction: || (&& (< net45) (>= net461)) (&& (< net45) (>= netstandard2.0))
      System.Reflection.Primitives (>= 4.3) - restriction: || (&& (< net45) (>= net461)) (&& (< net45) (>= netstandard2.0))
      System.Runtime (>= 4.3) - restriction: || (&& (< net45) (>= net461)) (&& (< net45) (>= netstandard2.0))
    System.Reflection.Emit.Lightweight (4.3) - restriction: || (&& (< net45) (>= netstandard2.0)) (&& (>= netstandard2.0) (< portable-net45+win8+wp8+wpa81))
      System.Reflection (>= 4.3) - restriction: || (&& (< net45) (>= net461)) (&& (< net45) (>= netstandard2.0))
      System.Reflection.Emit.ILGeneration (>= 4.3) - restriction: || (&& (< net45) (>= net461)) (&& (< net45) (>= netstandard2.0))
      System.Reflection.Primitives (>= 4.3) - restriction: || (&& (< net45) (>= net461)) (&& (< net45) (>= netstandard2.0))
      System.Runtime (>= 4.3) - restriction: || (&& (< net45) (>= net461)) (&& (< net45) (>= netstandard2.0))
    System.Reflection.Extensions (4.3) - restriction: && (< net45) (>= netstandard2.0)
      Microsoft.NETCore.Platforms (>= 1.1) - restriction: || (&& (< net45) (>= net461)) (&& (< net45) (>= netstandard2.0) (< win8) (< wpa81)) (&& (>= net461) (< portable-net45+win8+wp8+wpa81)) (&& (>= netstandard2.0) (< portable-net45+win8+wp8+wpa81))
      Microsoft.NETCore.Targets (>= 1.1) - restriction: || (&& (< net45) (>= net461)) (&& (< net45) (>= netstandard2.0) (< win8) (< wpa81)) (&& (>= net461) (< portable-net45+win8+wp8+wpa81)) (&& (>= netstandard2.0) (< portable-net45+win8+wp8+wpa81))
      System.Reflection (>= 4.3) - restriction: || (&& (< net45) (>= net461)) (&& (< net45) (>= netstandard2.0) (< win8) (< wpa81)) (&& (>= net461) (< portable-net45+win8+wp8+wpa81)) (&& (>= netstandard2.0) (< portable-net45+win8+wp8+wpa81))
      System.Runtime (>= 4.3) - restriction: || (&& (< net45) (>= net461)) (&& (< net45) (>= netstandard2.0) (< win8) (< wpa81)) (&& (>= net461) (< portable-net45+win8+wp8+wpa81)) (&& (>= netstandard2.0) (< portable-net45+win8+wp8+wpa81))
    System.Reflection.Primitives (4.3) - restriction: || (&& (< net45) (>= netstandard2.0)) (&& (>= netstandard2.0) (< portable-net45+win8+wp8+wpa81))
      Microsoft.NETCore.Platforms (>= 1.1) - restriction: || (&& (< net45) (>= net461)) (&& (< net45) (>= netstandard2.0) (< win8) (< wpa81)) (&& (>= net461) (< portable-net45+win8+wp8+wpa81)) (&& (>= netstandard2.0) (< portable-net45+win8+wp8+wpa81))
      Microsoft.NETCore.Targets (>= 1.1) - restriction: || (&& (< net45) (>= net461)) (&& (< net45) (>= netstandard2.0) (< win8) (< wpa81)) (&& (>= net461) (< portable-net45+win8+wp8+wpa81)) (&& (>= netstandard2.0) (< portable-net45+win8+wp8+wpa81))
      System.Runtime (>= 4.3) - restriction: || (&& (< net45) (>= net461)) (&& (< net45) (>= netstandard2.0) (< win8) (< wpa81)) (&& (>= net461) (< portable-net45+win8+wp8+wpa81)) (&& (>= netstandard2.0) (< portable-net45+win8+wp8+wpa81))
    System.Reflection.TypeExtensions (4.4) - restriction: || (&& (< net45) (>= netstandard2.0)) (&& (>= netstandard2.0) (< portable-net45+win8+wp8+wpa81))
    System.Resources.ResourceManager (4.3) - restriction: || (&& (< net45) (>= netstandard2.0)) (&& (>= netstandard2.0) (< portable-net45+win8+wpa81))
      Microsoft.NETCore.Platforms (>= 1.1) - restriction: || (&& (< net45) (>= net461)) (&& (< net45) (>= netstandard2.0) (< win8) (< wpa81)) (&& (>= net461) (< portable-net45+win8+wp8+wpa81)) (&& (>= netstandard2.0) (< portable-net45+win8+wp8+wpa81))
      Microsoft.NETCore.Targets (>= 1.1) - restriction: || (&& (< net45) (>= net461)) (&& (< net45) (>= netstandard2.0) (< win8) (< wpa81)) (&& (>= net461) (< portable-net45+win8+wp8+wpa81)) (&& (>= netstandard2.0) (< portable-net45+win8+wp8+wpa81))
      System.Globalization (>= 4.3) - restriction: || (&& (< net45) (>= net461)) (&& (< net45) (>= netstandard2.0) (< win8) (< wpa81)) (&& (>= net461) (< portable-net45+win8+wp8+wpa81)) (&& (>= netstandard2.0) (< portable-net45+win8+wp8+wpa81))
      System.Reflection (>= 4.3) - restriction: || (&& (< net45) (>= net461)) (&& (< net45) (>= netstandard2.0) (< win8) (< wpa81)) (&& (>= net461) (< portable-net45+win8+wp8+wpa81)) (&& (>= netstandard2.0) (< portable-net45+win8+wp8+wpa81))
      System.Runtime (>= 4.3) - restriction: || (&& (< net45) (>= net461)) (&& (< net45) (>= netstandard2.0) (< win8) (< wpa81)) (&& (>= net461) (< portable-net45+win8+wp8+wpa81)) (&& (>= netstandard2.0) (< portable-net45+win8+wp8+wpa81))
    System.Runtime (4.3) - restriction: || (&& (< net45) (>= netstandard2.0)) (&& (>= netstandard2.0) (< portable-net45+win8+wpa81))
      Microsoft.NETCore.Platforms (>= 1.1) - restriction: || (&& (< net45) (>= net461) (< netstandard1.2)) (&& (< net45) (>= net461) (< netstandard1.3)) (&& (< net45) (>= net461) (>= netstandard1.5)) (&& (< net45) (>= net461) (< netstandard1.5)) (&& (< net45) (>= net461) (>= netstandard2.0)) (&& (< net45) (< netstandard1.2) (>= netstandard2.0) (< win8)) (&& (< net45) (>= netstandard2.0) (< win8) (< wpa81)) (&& (>= net461) (< portable-net45+win8+wp8+wpa81)) (&& (>= netstandard2.0) (< portable-net45+win8+wp8+wpa81))
      Microsoft.NETCore.Targets (>= 1.1) - restriction: || (&& (< net45) (>= net461) (< netstandard1.2)) (&& (< net45) (>= net461) (< netstandard1.3)) (&& (< net45) (>= net461) (>= netstandard1.5)) (&& (< net45) (>= net461) (< netstandard1.5)) (&& (< net45) (>= net461) (>= netstandard2.0)) (&& (< net45) (< netstandard1.2) (>= netstandard2.0) (< win8)) (&& (< net45) (>= netstandard2.0) (< win8) (< wpa81)) (&& (>= net461) (< portable-net45+win8+wp8+wpa81)) (&& (>= netstandard2.0) (< portable-net45+win8+wp8+wpa81))
    System.Runtime.Extensions (4.3) - restriction: || (&& (< net45) (>= netstandard2.0)) (&& (>= netstandard2.0) (< portable-net45+win8+wpa81))
      Microsoft.NETCore.Platforms (>= 1.1) - restriction: || (&& (< net45) (>= net461) (< netstandard1.3)) (&& (< net45) (>= net461) (>= netstandard1.5)) (&& (< net45) (>= net461) (< netstandard1.5)) (&& (< net45) (>= net461) (>= netstandard2.0)) (&& (< net45) (>= netstandard2.0) (< win8) (< wpa81)) (&& (>= net461) (< portable-net45+win8+wp8+wpa81)) (&& (>= netstandard2.0) (< portable-net45+win8+wp8+wpa81))
      Microsoft.NETCore.Targets (>= 1.1) - restriction: || (&& (< net45) (>= net461) (< netstandard1.3)) (&& (< net45) (>= net461) (>= netstandard1.5)) (&& (< net45) (>= net461) (< netstandard1.5)) (&& (< net45) (>= net461) (>= netstandard2.0)) (&& (< net45) (>= netstandard2.0) (< win8) (< wpa81)) (&& (>= net461) (< portable-net45+win8+wp8+wpa81)) (&& (>= netstandard2.0) (< portable-net45+win8+wp8+wpa81))
      System.Runtime (>= 4.3) - restriction: || (&& (< net45) (>= net461) (< netstandard1.3)) (&& (< net45) (>= net461) (>= netstandard1.5)) (&& (< net45) (>= net461) (< netstandard1.5)) (&& (< net45) (>= net461) (>= netstandard2.0)) (&& (< net45) (>= netstandard2.0) (< win8) (< wpa81)) (&& (>= net461) (< portable-net45+win8+wp8+wpa81)) (&& (>= netstandard2.0) (< portable-net45+win8+wp8+wpa81))
    System.Runtime.Handles (4.3) - restriction: || (&& (< net45) (>= net461) (>= netstandard2.0)) (&& (< net45) (>= netstandard2.0) (< win8) (< wpa81)) (&& (>= netcoreapp1.1) (>= netstandard2.0)) (&& (>= netstandard2.0) (< portable-net45+win8+wpa81))
      Microsoft.NETCore.Platforms (>= 1.1) - restriction: || (&& (< net46) (>= net461)) (&& (< net46) (>= netstandard2.0))
      Microsoft.NETCore.Targets (>= 1.1) - restriction: || (&& (< net46) (>= net461)) (&& (< net46) (>= netstandard2.0))
      System.Runtime (>= 4.3) - restriction: || (&& (< net46) (>= net461)) (&& (< net46) (>= netstandard2.0))
    System.Runtime.InteropServices (4.3) - restriction: && (< net45) (>= netstandard2.0)
      Microsoft.NETCore.Platforms (>= 1.1) - restriction: || (&& (< net45) (>= net461) (< netstandard1.2)) (&& (< net45) (>= net461) (< netstandard1.3)) (&& (< net45) (>= net461) (>= netstandard1.5)) (&& (< net45) (>= net461) (< netstandard1.5)) (&& (< net45) (>= net461) (>= netstandard2.0)) (&& (< net45) (< netstandard1.2) (>= netstandard2.0) (< win8)) (&& (< net45) (>= netstandard2.0) (< win8) (< wpa81)) (&& (>= net461) (>= netcoreapp1.1)) (&& (>= net461) (< portable-net45+win8+wpa81)) (&& (>= netcoreapp1.1) (>= netstandard2.0)) (&& (>= netstandard2.0) (< portable-net45+win8+wpa81))
      Microsoft.NETCore.Targets (>= 1.1) - restriction: || (&& (< net45) (>= net461) (< netstandard1.2)) (&& (< net45) (>= net461) (< netstandard1.3)) (&& (< net45) (>= net461) (>= netstandard1.5)) (&& (< net45) (>= net461) (< netstandard1.5)) (&& (< net45) (>= net461) (>= netstandard2.0)) (&& (< net45) (< netstandard1.2) (>= netstandard2.0) (< win8)) (&& (< net45) (>= netstandard2.0) (< win8) (< wpa81)) (&& (>= net461) (>= netcoreapp1.1)) (&& (>= net461) (< portable-net45+win8+wpa81)) (&& (>= netcoreapp1.1) (>= netstandard2.0)) (&& (>= netstandard2.0) (< portable-net45+win8+wpa81))
      System.Reflection (>= 4.3) - restriction: || (&& (< net45) (>= net461) (< netstandard1.2)) (&& (< net45) (>= net461) (< netstandard1.3)) (&& (< net45) (>= net461) (>= netstandard1.5)) (&& (< net45) (>= net461) (< netstandard1.5)) (&& (< net45) (>= net461) (>= netstandard2.0)) (&& (< net45) (< netstandard1.2) (>= netstandard2.0) (< win8)) (&& (< net45) (>= netstandard2.0) (< win8) (< wpa81)) (&& (>= net461) (>= netcoreapp1.1)) (&& (>= net461) (< portable-net45+win8+wpa81)) (&& (>= netcoreapp1.1) (>= netstandard2.0)) (&& (>= netstandard2.0) (< portable-net45+win8+wpa81))
      System.Reflection.Primitives (>= 4.3) - restriction: || (&& (< net45) (>= net461) (< netstandard1.2)) (&& (< net45) (>= net461) (< netstandard1.3)) (&& (< net45) (>= net461) (>= netstandard1.5)) (&& (< net45) (>= net461) (< netstandard1.5)) (&& (< net45) (>= net461) (>= netstandard2.0)) (&& (< net45) (< netstandard1.2) (>= netstandard2.0) (< win8)) (&& (< net45) (>= netstandard2.0) (< win8) (< wpa81)) (&& (>= net461) (>= netcoreapp1.1)) (&& (>= net461) (< portable-net45+win8+wpa81)) (&& (>= netcoreapp1.1) (>= netstandard2.0)) (&& (>= netstandard2.0) (< portable-net45+win8+wpa81))
      System.Runtime (>= 4.3) - restriction: || (&& (< net45) (>= net461) (< netstandard1.2)) (&& (< net45) (>= net461) (< netstandard1.3)) (&& (< net45) (>= net461) (>= netstandard1.5)) (&& (< net45) (>= net461) (< netstandard1.5)) (&& (< net45) (>= net461) (>= netstandard2.0)) (&& (< net45) (< netstandard1.2) (>= netstandard2.0) (< win8)) (&& (< net45) (>= netstandard2.0) (< win8) (< wpa81)) (&& (>= net461) (>= netcoreapp1.1)) (&& (>= net461) (< portable-net45+win8+wpa81)) (>= net462) (&& (>= netcoreapp1.1) (>= netstandard2.0)) (&& (>= netstandard2.0) (< portable-net45+win8+wpa81))
      System.Runtime.Handles (>= 4.3) - restriction: || (&& (< net45) (>= net461) (>= netstandard1.5)) (&& (< net45) (>= net461) (< netstandard1.5)) (&& (< net45) (>= net461) (>= netstandard2.0)) (&& (< net45) (>= netstandard2.0) (< win8) (< wpa81)) (&& (>= net461) (>= netcoreapp1.1)) (&& (>= net461) (< portable-net45+win8+wpa81)) (&& (>= netcoreapp1.1) (>= netstandard2.0)) (&& (>= netstandard2.0) (< portable-net45+win8+wpa81))
    System.Security.Claims (4.3) - restriction: && (< net45) (>= netstandard2.0)
      System.Collections (>= 4.3) - restriction: || (&& (< net46) (>= net461)) (&& (< net46) (>= netstandard2.0))
      System.Globalization (>= 4.3) - restriction: || (&& (< net46) (>= net461)) (&& (< net46) (>= netstandard2.0))
      System.IO (>= 4.3) - restriction: || (&& (< net46) (>= net461)) (&& (< net46) (>= netstandard2.0))
      System.Resources.ResourceManager (>= 4.3) - restriction: || (&& (< net46) (>= net461)) (&& (< net46) (>= netstandard2.0))
      System.Runtime (>= 4.3) - restriction: || (&& (< net46) (>= net461)) (&& (< net46) (>= netstandard2.0))
      System.Runtime.Extensions (>= 4.3) - restriction: || (&& (< net46) (>= net461)) (&& (< net46) (>= netstandard2.0))
      System.Security.Principal (>= 4.3) - restriction: || (&& (< net46) (>= net461)) (&& (< net46) (>= netstandard2.0))
    System.Security.Cryptography.ProtectedData (4.4) - restriction: || (&& (< net45) (>= netstandard2.0)) (>= netcoreapp2.0)
    System.Security.Principal (4.3) - restriction: && (< net45) (>= netstandard2.0)
      System.Runtime (>= 4.3) - restriction: || (&& (< net45) (>= net461)) (&& (< net45) (>= netstandard2.0) (< win8) (< wpa81)) (&& (>= net461) (< portable-net45+win8+wp8+wpa81)) (&& (>= netstandard2.0) (< portable-net45+win8+wp8+wpa81))
    System.Text.Encoding (4.3) - restriction: || (&& (< net45) (>= net461) (>= netstandard2.0)) (&& (< net45) (>= netstandard2.0) (< win8) (< wpa81)) (&& (>= netstandard2.0) (< portable-net45+win8+wp8+wpa81))
      Microsoft.NETCore.Platforms (>= 1.1) - restriction: || (&& (< net45) (>= net461)) (&& (< net45) (>= netstandard2.0) (< win8) (< wpa81)) (&& (>= net461) (< portable-net45+win8+wp8+wpa81)) (&& (>= netstandard2.0) (< portable-net45+win8+wp8+wpa81))
      Microsoft.NETCore.Targets (>= 1.1) - restriction: || (&& (< net45) (>= net461)) (&& (< net45) (>= netstandard2.0) (< win8) (< wpa81)) (&& (>= net461) (< portable-net45+win8+wp8+wpa81)) (&& (>= netstandard2.0) (< portable-net45+win8+wp8+wpa81))
      System.Runtime (>= 4.3) - restriction: || (&& (< net45) (>= net461)) (&& (< net45) (>= netstandard2.0) (< win8) (< wpa81)) (&& (>= net461) (< portable-net45+win8+wp8+wpa81)) (&& (>= netstandard2.0) (< portable-net45+win8+wp8+wpa81))
    System.Text.Encodings.Web (4.4)
      NETStandard.Library (>= 1.6.1) - restriction: && (>= net461) (< netstandard2.0)
    System.Threading (4.3) - restriction: || (&& (< net45) (>= netstandard2.0)) (&& (>= netstandard2.0) (< portable-net45+win8+wp8+wpa81)) (&& (>= netstandard2.0) (< portable-net45+win8+wpa81))
      System.Runtime (>= 4.3) - restriction: || (&& (< net45) (>= net461)) (&& (< net45) (>= netstandard2.0) (< win8) (< wpa81)) (&& (>= net461) (< portable-net45+win8+wp8+wpa81)) (&& (>= netstandard2.0) (< portable-net45+win8+wp8+wpa81))
      System.Threading.Tasks (>= 4.3) - restriction: || (&& (< net45) (>= net461)) (&& (< net45) (>= netstandard2.0) (< win8) (< wpa81)) (&& (>= net461) (< portable-net45+win8+wp8+wpa81)) (&& (>= netstandard2.0) (< portable-net45+win8+wp8+wpa81))
    System.Threading.Tasks (4.3) - restriction: || (&& (< net45) (>= net461) (>= netstandard2.0)) (&& (< net45) (>= netstandard2.0) (< win8) (< wpa81)) (&& (>= netstandard2.0) (< portable-net45+win8+wpa81))
      Microsoft.NETCore.Platforms (>= 1.1) - restriction: || (&& (< net45) (>= net461)) (&& (< net45) (>= netstandard2.0) (< win8) (< wpa81)) (&& (>= net461) (< portable-net45+win8+wp8+wpa81)) (&& (>= netstandard2.0) (< portable-net45+win8+wp8+wpa81))
      Microsoft.NETCore.Targets (>= 1.1) - restriction: || (&& (< net45) (>= net461)) (&& (< net45) (>= netstandard2.0) (< win8) (< wpa81)) (&& (>= net461) (< portable-net45+win8+wp8+wpa81)) (&& (>= netstandard2.0) (< portable-net45+win8+wp8+wpa81))
      System.Runtime (>= 4.3) - restriction: || (&& (< net45) (>= net461)) (&& (< net45) (>= netstandard2.0) (< win8) (< wpa81)) (&& (>= net461) (< portable-net45+win8+wp8+wpa81)) (&& (>= netstandard2.0) (< portable-net45+win8+wp8+wpa81))

GROUP Build
NUGET
  remote: https://www.nuget.org/api/v2
    FAKE (4.64.13)

GROUP Test
RESTRICTION: == net461
NUGET
  remote: https://www.nuget.org/api/v2
    Appveyor.TestLogger (2.0)
    FsCheck (2.10.10)
      FSharp.Core (>= 4.0.0.1)
    FsCheck.Xunit (2.10.10)
      FsCheck (2.10.10)
      xunit.extensibility.execution (>= 2.2 < 3.0)
    FSharp.Core (4.3.4)
    Microsoft.CodeCoverage (1.0.3)
    Microsoft.NET.Test.Sdk (15.7.2)
      Microsoft.CodeCoverage (>= 1.0.3)
    xunit (2.3.1)
      xunit.analyzers (>= 0.7)
      xunit.assert (2.3.1)
      xunit.core (2.3.1)
    xunit.abstractions (2.0.1)
    xunit.analyzers (0.9)
    xunit.assert (2.3.1)
    xunit.core (2.3.1)
      xunit.extensibility.core (2.3.1)
      xunit.extensibility.execution (2.3.1)
    xunit.extensibility.core (2.3.1)
      xunit.abstractions (>= 2.0.1)
    xunit.extensibility.execution (2.3.1)
      xunit.extensibility.core (2.3.1)
    xunit.runner.console (2.3.1)
    xunit.runner.visualstudio (2.3.1) - version_in_path: true
    XunitXml.TestLogger (2.0)
